GIT
  remote: git://github.com/jwilger/jeweler.git
  revision: d7461cba474852ab16d31618e6465b56b00db49e
  specs:
    jeweler (1.6.0)
      bundler (~> 1.0.0)
      git (>= 1.2.5)
      rake

GEM
  remote: http://rubygems.org/
  specs:
    ZenTest (4.5.0)
    autotest (4.4.6)
      ZenTest (>= 4.4.1)
    autotest-fsevent (0.2.5)
      sys-uname
    autotest-growl (0.2.9)
    couchrest (1.0.2)
      json (~> 1.5.1)
      mime-types (~> 1.15)
      rest-client (~> 1.6.1)
    diff-lcs (1.1.2)
    git (1.2.5)
    json (1.5.1)
    mime-types (1.16)
    rake (0.9.0)
    rcov (0.9.9)
    rdoc (3.6.1)
    reek (1.2.8)
      ruby2ruby (~> 1.2)
      ruby_parser (~> 2.0)
      sexp_processor (~> 3.0)
    rest-client (1.6.1)
      mime-types (>= 1.16)
    rspec (2.3.0)
      rspec-core (~> 2.3.0)
      rspec-expectations (~> 2.3.0)
      rspec-mocks (~> 2.3.0)
    rspec-core (2.3.1)
    rspec-expectations (2.3.0)
      diff-lcs (~> 1.1.2)
    rspec-mocks (2.3.0)
    ruby2ruby (1.2.5)
      ruby_parser (~> 2.0)
      sexp_processor (~> 3.0)
    ruby_parser (2.0.6)
      sexp_processor (~> 3.0)
    sexp_processor (3.0.5)
    sys-uname (0.8.5)

PLATFORMS
  ruby

DEPENDENCIES
  autotest (~> 4.4.6)
  autotest-fsevent (~> 0.2.5)
  autotest-growl (~> 0.2.9)
  bundler (~> 1.0.0)
  couchrest (~> 1.0.2)
  jeweler!
  rcov
  rdoc (~> 3.6.1)
  reek (~> 1.2.8)
  rspec (~> 2.3.0)
